GEM
  remote: https://rubygems.org/
  specs:
    bigdecimal (3.1.9)
    google-protobuf (4.30.2-x86_64-linux)
      bigdecimal
      rake (>= 13)
    rake (13.2.1)
    sqlite3 (2.6.0-x86_64-linux-gnu)

PLATFORMS
  x86_64-linux

DEPENDENCIES
  google-protobuf
  sqlite3

BUNDLED WITH
   2.3.27
